PATH
  remote: .
  specs:
    cryptolalia (0.0.1)
      oily_png (>= 1.1.0)
      rake (>= 10.1.1)

GEM
  remote: http://rubygems.org/
  specs:
    chunky_png (1.2.9)
    metaclass (0.0.1)
    minitest (5.2.0)
    mocha (0.14.0)
      metaclass (~> 0.0.1)
    oily_png (1.1.0)
      chunky_png (~> 1.2.7)
    rake (10.1.1)

PLATFORMS
  ruby

DEPENDENCIES
  cryptolalia!
  minitest
  mocha
  oily_png
  rake
